PATH
  remote: .
  specs:
    rtanque (0.1.2)
      configuration (~> 1.3.2)
      gosu (~> 0.7.45)
      octokit (~> 2.7.0)
      texplay
      thor (~> 0.17.0)

GEM
  remote: https://rubygems.org/
  specs:
    addressable (2.3.8)
    coderay (1.1.0)
    configuration (1.3.4)
    diff-lcs (1.2.5)
    faraday (0.9.1)
      multipart-post (>= 1.2, < 3)
    gosu (0.7.50)
    method_source (0.8.2)
    multipart-post (2.0.0)
    octokit (2.7.2)
      sawyer (~> 0.5.2)
    pry (0.10.1)
      coderay (~> 1.1.0)
      method_source (~> 0.8.1)
      slop (~> 3.4)
    rspec (2.13.0)
      rspec-core (~> 2.13.0)
      rspec-expectations (~> 2.13.0)
      rspec-mocks (~> 2.13.0)
    rspec-core (2.13.1)
    rspec-expectations (2.13.0)
      diff-lcs (>= 1.1.3, < 2.0)
    rspec-mocks (2.13.1)
    sawyer (0.5.5)
      addressable (~> 2.3.5)
      faraday (~> 0.8, < 0.10)
    slop (3.6.0)
    texplay (0.4.3)
      gosu (>= 0.7.25)
    thor (0.17.0)

PLATFORMS
  ruby

DEPENDENCIES
  pry
  rspec (~> 2.13.0)
  rspec-mocks (~> 2.13.0)
  rtanque!
